GIT
  remote: https://github.com/mitchellh/vagrant.git
  revision: 06d04b0d9ca051381e0159eddc66cbc8c9268d84
  tag: v2.2.9
  specs:
    vagrant (2.2.9)
      bcrypt_pbkdf (~> 1.0.0)
      childprocess (~> 3.0.0)
      ed25519 (~> 1.2.4)
      erubis (~> 2.7.0)
      hashicorp-checkpoint (~> 0.1.5)
      i18n (~> 1.8)
      listen (~> 3.1.5)
      log4r (~> 1.1.9, < 1.1.11)
      net-scp (~> 1.2.0)
      net-sftp (~> 2.1)
      net-ssh (~> 5.2.0)
      rb-kqueue (~> 0.2.0)
      rest-client (>= 1.6.0, < 3.0)
      ruby_dep (<= 1.3.1)
      rubyzip (~> 2.0)
      vagrant_cloud (~> 2.0.3)
      wdm (~> 0.1.0)
      winrm (>= 2.3.4, < 3.0)
      winrm-elevated (>= 1.2.1, < 2.0)
      winrm-fs (>= 1.3.4, < 2.0)

PATH
  remote: .
  specs:
    vagrant-aws (0.7.2)
      fog-aws (~> 3.0)
      iniparse (~> 1.4, >= 1.4.2)

GEM
  remote: https://rubygems.org/
  specs:
    bcrypt_pbkdf (1.0.1)
    builder (3.2.4)
    childprocess (3.0.0)
    concurrent-ruby (1.1.7)
    diff-lcs (1.4.4)
    domain_name (0.5.20190701)
      unf (>= 0.0.5, < 1.0.0)
    ed25519 (1.2.4)
    erubi (1.9.0)
    erubis (2.7.0)
    excon (0.76.0)
    ffi (1.13.1)
    fog-aws (3.6.6)
      fog-core (~> 2.1)
      fog-json (~> 1.1)
      fog-xml (~> 0.1)
      ipaddress (~> 0.8)
    fog-core (2.2.0)
      builder
      excon (~> 0.71)
      formatador (~> 0.2)
      mime-types
    fog-json (1.2.0)
      fog-core
      multi_json (~> 1.10)
    fog-xml (0.1.3)
      fog-core
      nokogiri (>= 1.5.11, < 2.0.0)
    formatador (0.2.5)
    gssapi (1.3.0)
      ffi (>= 1.0.1)
    gyoku (1.3.1)
      builder (>= 2.1.2)
    hashicorp-checkpoint (0.1.5)
    http-cookie (1.0.3)
      domain_name (~> 0.5)
    httpclient (2.8.3)
    i18n (1.8.5)
      concurrent-ruby (~> 1.0)
    iniparse (1.5.0)
    ipaddress (0.8.3)
    listen (3.1.5)
      rb-fsevent (~> 0.9, >= 0.9.4)
      rb-inotify (~> 0.9, >= 0.9.7)
      ruby_dep (~> 1.2)
    little-plugger (1.1.4)
    log4r (1.1.10)
    logging (2.3.0)
      little-plugger (~> 1.1)
      multi_json (~> 1.14)
    mime-types (3.3.1)
      mime-types-data (~> 3.2015)
    mime-types-data (3.2020.0512)
    mini_portile2 (2.5.1)
    multi_json (1.15.0)
    net-scp (1.2.1)
      net-ssh (>= 2.6.5)
    net-sftp (2.1.2)
      net-ssh (>= 2.6.5)
    net-ssh (5.2.0)
    netrc (0.11.0)
    nokogiri (1.11.5)
      mini_portile2 (~> 2.5.0)
      racc (~> 1.4)
    nori (2.6.0)
    racc (1.5.2)
    rake (13.0.1)
    rb-fsevent (0.10.4)
    rb-inotify (0.10.1)
      ffi (~> 1.0)
    rb-kqueue (0.2.5)
      ffi (>= 0.5.0)
    rest-client (2.0.2)
      http-cookie (>= 1.0.2, < 2.0)
      mime-types (>= 1.16, < 4.0)
      netrc (~> 0.8)
    rspec (3.9.0)
      rspec-core (~> 3.9.0)
      rspec-expectations (~> 3.9.0)
      rspec-mocks (~> 3.9.0)
    rspec-core (3.9.2)
      rspec-support (~> 3.9.3)
    rspec-expectations (3.9.2)
      diff-lcs (>= 1.2.0, < 2.0)
      rspec-support (~> 3.9.0)
    rspec-its (1.3.0)
      rspec-core (>= 3.0.0)
      rspec-expectations (>= 3.0.0)
    rspec-mocks (3.9.1)
      diff-lcs (>= 1.2.0, < 2.0)
      rspec-support (~> 3.9.0)
    rspec-support (3.9.3)
    ruby_dep (1.3.1)
    rubyntlm (0.6.2)
    rubyzip (2.3.0)
    unf (0.1.4)
      unf_ext
    unf_ext (0.0.7.7)
    vagrant_cloud (2.0.3)
      rest-client (~> 2.0.2)
    wdm (0.1.1)
    winrm (2.3.4)
      builder (>= 2.1.2)
      erubi (~> 1.8)
      gssapi (~> 1.2)
      gyoku (~> 1.0)
      httpclient (~> 2.2, >= 2.2.0.2)
      logging (>= 1.6.1, < 3.0)
      nori (~> 2.0)
      rubyntlm (~> 0.6.0, >= 0.6.1)
    winrm-elevated (1.2.1)
      erubi (~> 1.8)
      winrm (~> 2.0)
      winrm-fs (~> 1.0)
    winrm-fs (1.3.4)
      erubi (~> 1.8)
      logging (>= 1.6.1, < 3.0)
      rubyzip (~> 2.0)
      winrm (~> 2.0)

PLATFORMS
  ruby

DEPENDENCIES
  rake
  rspec (~> 3.4)
  rspec-its
  vagrant!
  vagrant-aws!

BUNDLED WITH
   1.17.2
